GEM
  remote: http://rubygems.org/
  specs:
    POpen4 (0.1.4)
      Platform (>= 0.4.0)
      open4
    Platform (0.4.0)
    albino (1.3.3)
      posix-spawn (>= 0.3.6)
    classifier (1.3.3)
      fast-stemmer (>= 1.0.0)
    configuration (1.3.1)
    directory_watcher (1.4.1)
    fast-stemmer (1.0.0)
    github (0.6.2)
      highline (~> 1.5.1)
      json_pure (~> 1.5.1)
      launchy (~> 0.3.7)
      text-format (= 1.0.0)
      text-hyphen (= 1.0.0)
    growl (1.0.3)
    growl_notify (0.0.1)
      rb-appscript
    guard (0.7.0)
      thor (~> 0.14.6)
    guard-rake (0.0.1)
      guard
      rake
    haml (3.1.3)
    highline (1.5.2)
    jammit (0.6.3)
      yui-compressor (>= 0.9.3)
    jekyll (0.11.0)
      albino (>= 1.3.2)
      classifier (>= 1.3.1)
      directory_watcher (>= 1.1.1)
      kramdown (>= 0.13.2)
      liquid (>= 1.9.0)
      maruku (>= 0.5.9)
    json_pure (1.5.4)
      spruz (~> 0.2.8)
    kramdown (0.13.3)
    launchy (0.3.7)
      configuration (>= 0.0.5)
      rake (>= 0.8.1)
    liquid (2.2.2)
    maruku (0.6.0)
      syntax (>= 1.0.0)
    open4 (1.1.0)
    posix-spawn (0.3.6)
    rake (0.9.2)
    rb-appscript (0.6.1)
    rb-fsevent (0.4.3.1)
    sass (3.1.7)
    spruz (0.2.13)
    syntax (1.0.0)
    text-format (1.0.0)
      text-hyphen (~> 1.0.0)
    text-hyphen (1.0.0)
    thor (0.14.6)
    yui-compressor (0.9.6)
      POpen4 (>= 0.1.4)

PLATFORMS
  ruby

DEPENDENCIES
  github (~> 0.6.2)
  growl (~> 1.0.3)
  growl_notify (~> 0.0.1)
  guard (~> 0.7.0)
  guard-rake (~> 0.0.1)
  haml (~> 3.1.3)
  jammit (~> 0.6.3)
  jekyll (~> 0.11.0)
  rb-fsevent (~> 0.4.3.1)
  sass (~> 3.1.7)
